GIT
  remote: https://github.com/honeybadger-io/heya.git
  revision: 02ef0c639ba37089f6989ed316ec43941ddb615e
  specs:
    heya (0.3.0)
      rails (>= 5.2.3)

GEM
  remote: https://rubygems.org/
  specs:
    actioncable (7.1.1)
      actionpack (= 7.1.1)
      activesupport (= 7.1.1)
      nio4r (~> 2.0)
      websocket-driver (>= 0.6.1)
      zeitwerk (~> 2.6)
    actionmailbox (7.1.1)
      actionpack (= 7.1.1)
      activejob (= 7.1.1)
      activerecord (= 7.1.1)
      activestorage (= 7.1.1)
      activesupport (= 7.1.1)
      mail (>= 2.7.1)
      net-imap
      net-pop
      net-smtp
    actionmailer (7.1.1)
      actionpack (= 7.1.1)
      actionview (= 7.1.1)
      activejob (= 7.1.1)
      activesupport (= 7.1.1)
      mail (~> 2.5, >= 2.5.4)
      net-imap
      net-pop
      net-smtp
      rails-dom-testing (~> 2.2)
    actionpack (7.1.1)
      actionview (= 7.1.1)
      activesupport (= 7.1.1)
      nokogiri (>= 1.8.5)
      rack (>= 2.2.4)
      rack-session (>= 1.0.1)
      rack-test (>= 0.6.3)
      rails-dom-testing (~> 2.2)
      rails-html-sanitizer (~> 1.6)
    actiontext (7.1.1)
      actionpack (= 7.1.1)
      activerecord (= 7.1.1)
      activestorage (= 7.1.1)
      activesupport (= 7.1.1)
      globalid (>= 0.6.0)
      nokogiri (>= 1.8.5)
    actionview (7.1.1)
      activesupport (= 7.1.1)
      builder (~> 3.1)
      erubi (~> 1.11)
      rails-dom-testing (~> 2.2)
      rails-html-sanitizer (~> 1.6)
    activejob (7.1.1)
      activesupport (= 7.1.1)
      globalid (>= 0.3.6)
    activemodel (7.1.1)
      activesupport (= 7.1.1)
    activerecord (7.1.1)
      activemodel (= 7.1.1)
      activesupport (= 7.1.1)
      timeout (>= 0.4.0)
    activestorage (7.1.1)
      actionpack (= 7.1.1)
      activejob (= 7.1.1)
      activerecord (= 7.1.1)
      activesupport (= 7.1.1)
      marcel (~> 1.0)
    activesupport (7.1.1)
      base64
      bigdecimal
      concurrent-ruby (~> 1.0, >= 1.0.2)
      connection_pool (>= 2.2.5)
      drb
      i18n (>= 1.6, < 2)
      minitest (>= 5.1)
      mutex_m
      tzinfo (~> 2.0)
    addressable (2.8.0)
      public_suffix (>= 2.0.2, < 5.0)
    ast (2.4.2)
    base64 (0.1.1)
    bigdecimal (3.1.4)
    bindex (0.8.1)
    bootsnap (1.7.2)
      msgpack (~> 1.0)
    builder (3.2.4)
    byebug (11.1.3)
    capybara (3.35.3)
      addressable
      mini_mime (>= 0.1.3)
      nokogiri (~> 1.8)
      rack (>= 1.6.0)
      rack-test (>= 0.6.3)
      regexp_parser (>= 1.5, < 3.0)
      xpath (~> 3.2)
    childprocess (3.0.0)
    coderay (1.1.3)
    coffee-rails (5.0.0)
      coffee-script (>= 2.2.0)
      railties (>= 5.2.0)
    coffee-script (2.4.1)
      coffee-script-source
      execjs
    coffee-script-source (1.12.2)
    concurrent-ruby (1.2.2)
    connection_pool (2.4.1)
    crass (1.0.6)
    date (3.3.3)
    drb (2.1.1)
      ruby2_keywords
    erubi (1.12.0)
    execjs (2.7.0)
    ffi (1.14.2)
    globalid (1.2.1)
      activesupport (>= 6.1)
    hashid-rails (1.4.1)
      activerecord (>= 4.0)
      hashids (~> 1.0)
    hashids (1.0.5)
    honeybadger (4.7.3)
    i18n (1.14.1)
      concurrent-ruby (~> 1.0)
    io-console (0.6.0)
    irb (1.8.3)
      rdoc
      reline (>= 0.3.8)
    jbuilder (2.11.2)
      activesupport (>= 5.0.0)
    kramdown (2.4.0)
      rexml
    kramdown-parser-gfm (1.1.0)
      kramdown (~> 2.0)
    listen (3.5.0)
      rb-fsevent (~> 0.10, >= 0.10.3)
      rb-inotify (~> 0.9, >= 0.9.10)
    loofah (2.21.4)
      crass (~> 1.0.2)
      nokogiri (>= 1.12.0)
    mail (2.8.1)
      mini_mime (>= 0.1.1)
      net-imap
      net-pop
      net-smtp
    maildown (3.3.1)
      actionmailer (>= 4.0.0)
      kramdown-parser-gfm
    mailkick (0.4.3)
      activesupport (>= 5)
    marcel (1.0.2)
    method_source (1.0.0)
    mini_mime (1.1.5)
    mini_portile2 (2.8.4)
    minitest (5.20.0)
    msgpack (1.4.2)
    mutex_m (0.1.2)
    net-imap (0.4.2)
      date
      net-protocol
    net-pop (0.1.2)
      net-protocol
    net-protocol (0.2.1)
      timeout
    net-smtp (0.4.0)
      net-protocol
    nio4r (2.5.9)
    nokogiri (1.15.4)
      mini_portile2 (~> 2.8.2)
      racc (~> 1.4)
    parallel (1.20.1)
    parser (3.0.0.0)
      ast (~> 2.4.1)
    pg (1.2.3)
    pry (0.14.0)
      coderay (~> 1.1)
      method_source (~> 1.0)
    pry-rails (0.3.9)
      pry (>= 0.10.4)
    psych (5.1.1.1)
      stringio
    public_suffix (4.0.6)
    puma (5.6.7)
      nio4r (~> 2.0)
    racc (1.7.1)
    rack (3.0.8)
    rack-proxy (0.6.5)
      rack
    rack-session (2.0.0)
      rack (>= 3.0.0)
    rack-test (2.1.0)
      rack (>= 1.3)
    rackup (2.1.0)
      rack (>= 3)
      webrick (~> 1.8)
    rails (7.1.1)
      actioncable (= 7.1.1)
      actionmailbox (= 7.1.1)
      actionmailer (= 7.1.1)
      actionpack (= 7.1.1)
      actiontext (= 7.1.1)
      actionview (= 7.1.1)
      activejob (= 7.1.1)
      activemodel (= 7.1.1)
      activerecord (= 7.1.1)
      activestorage (= 7.1.1)
      activesupport (= 7.1.1)
      bundler (>= 1.15.0)
      railties (= 7.1.1)
    rails-dom-testing (2.2.0)
      activesupport (>= 5.0.0)
      minitest
      nokogiri (>= 1.6)
    rails-html-sanitizer (1.6.0)
      loofah (~> 2.21)
      nokogiri (~> 1.14)
    railties (7.1.1)
      actionpack (= 7.1.1)
      activesupport (= 7.1.1)
      irb
      rackup (>= 1.0.0)
      rake (>= 12.2)
      thor (~> 1.0, >= 1.2.2)
      zeitwerk (~> 2.6)
    rainbow (3.0.0)
    rake (13.0.6)
    rb-fsevent (0.10.4)
    rb-inotify (0.10.1)
      ffi (~> 1.0)
    rdoc (6.5.0)
      psych (>= 4.0.0)
    redis-client (0.17.0)
      connection_pool
    regexp_parser (2.1.1)
    reline (0.3.9)
      io-console (~> 0.5)
    rexml (3.2.6)
    rubocop (0.85.1)
      parallel (~> 1.10)
      parser (>= 2.7.0.1)
      rainbow (>= 2.2.2, < 4.0)
      regexp_parser (>= 1.7)
      rexml
      rubocop-ast (>= 0.0.3)
      ruby-progressbar (~> 1.7)
      unicode-display_width (>= 1.4.0, < 2.0)
    rubocop-ast (1.4.1)
      parser (>= 2.7.1.5)
    rubocop-performance (1.6.1)
      rubocop (>= 0.71.0)
    ruby-progressbar (1.11.0)
    ruby2_keywords (0.0.5)
    rubyzip (2.3.0)
    sass-rails (6.0.0)
      sassc-rails (~> 2.1, >= 2.1.1)
    sassc (2.4.0)
      ffi (~> 1.9)
    sassc-rails (2.1.2)
      railties (>= 4.0.0)
      sassc (>= 2.0)
      sprockets (> 3.0)
      sprockets-rails
      tilt
    selenium-webdriver (3.142.7)
      childprocess (>= 0.5, < 4.0)
      rubyzip (>= 1.2.2)
    semantic_range (2.3.1)
    sidekiq (7.1.6)
      concurrent-ruby (< 2)
      connection_pool (>= 2.3.0)
      rack (>= 2.2.4)
      redis-client (>= 0.14.0)
    spring (2.1.1)
    spring-watcher-listen (2.0.1)
      listen (>= 2.7, < 4.0)
      spring (>= 1.2, < 3.0)
    sprockets (4.2.1)
      concurrent-ruby (~> 1.0)
      rack (>= 2.2.4, < 4)
    sprockets-rails (3.4.2)
      actionpack (>= 5.2)
      activesupport (>= 5.2)
      sprockets (>= 3.0.0)
    standard (0.4.7)
      rubocop (~> 0.85.0)
      rubocop-performance (~> 1.6.0)
    stringio (3.0.8)
    thor (1.3.0)
    tilt (2.0.10)
    timeout (0.4.0)
    turbolinks (5.2.1)
      turbolinks-source (~> 5.2)
    turbolinks-source (5.2.0)
    tzinfo (2.0.6)
      concurrent-ruby (~> 1.0)
    uglifier (4.2.0)
      execjs (>= 0.3.0, < 3)
    unicode-display_width (1.7.0)
    web-console (4.1.0)
      actionview (>= 6.0.0)
      activemodel (>= 6.0.0)
      bindex (>= 0.4.0)
      railties (>= 6.0.0)
    webdrivers (4.6.0)
      nokogiri (~> 1.6)
      rubyzip (>= 1.3.0)
      selenium-webdriver (>= 3.0, < 4.0)
    webpacker (5.2.1)
      activesupport (>= 5.2)
      rack-proxy (>= 0.6.1)
      railties (>= 5.2)
      semantic_range (>= 2.3.0)
    webrick (1.8.1)
    websocket-driver (0.7.6)
      websocket-extensions (>= 0.1.0)
    websocket-extensions (0.1.5)
    xpath (3.2.0)
      nokogiri (~> 1.8)
    zeitwerk (2.6.12)

PLATFORMS
  ruby

DEPENDENCIES
  bootsnap (>= 1.4.2)
  byebug
  capybara (>= 2.15)
  coffee-rails (~> 5.0)
  hashid-rails (~> 1.4)
  heya!
  honeybadger (~> 4.7)
  jbuilder (~> 2.10)
  listen (>= 3.0.5, <= 3.5.0)
  maildown (~> 3.3.0)
  mailkick (~> 0.4.1)
  pg (>= 0.18, < 2.0)
  pry-rails (~> 0.3.9)
  puma (~> 5.6)
  rails (~> 7.1.1)
  sass-rails (>= 6)
  selenium-webdriver
  sidekiq (~> 7.1)
  spring
  spring-watcher-listen (~> 2.0.0)
  standard (~> 0.4.7)
  turbolinks (~> 5)
  tzinfo-data
  uglifier (>= 1.3.0)
  web-console (>= 3.3.0)
  webdrivers
  webpacker (~> 5.1)

RUBY VERSION
   ruby 2.7.8

BUNDLED WITH
   2.1.4
